GEM
  remote: http://rubygems.org/
  specs:
    rake (0.8.7)

PLATFORMS
  ruby
  x86-mingw32

DEPENDENCIES
  rake
