GEM
  remote: http://rubygems.org/
  specs:
    rake (0.8.7)

PLATFORMS
  x86-mingw32

DEPENDENCIES
  rake

