PATH
  remote: .
  specs:
    music-utils (1.2.3)

GEM
  remote: http://rubygems.org/
  specs:
    diff-lcs (1.1.2)
    rake (0.9.2)
    rspec (2.6.0)
      rspec-core (~> 2.6.0)
      rspec-expectations (~> 2.6.0)
      rspec-mocks (~> 2.6.0)
    rspec-core (2.6.4)
    rspec-expectations (2.6.0)
      diff-lcs (~> 1.1.2)
    rspec-mocks (2.6.0)
    rubygems-test (0.4.3)
      rake (>= 0.8.7)

PLATFORMS
  ruby

DEPENDENCIES
  bundler (>= 1.0.15)
  music-utils!
  rake (>= 0.8)
  rspec
  rubygems-test (~> 0.4)
